PATH
  remote: .
  specs:
    data_uri (0.0.4)

GEM
  remote: https://rubygems.org/
  specs:
    minitest (5.2.3)
    rake (10.1.1)

PLATFORMS
  ruby

DEPENDENCIES
  data_uri!
  minitest (~> 5.2)
  rake (~> 10.1)

BUNDLED WITH
   2.3.11
